GIT
  remote: https://github.com/deliveroo/routemaster-client
  revision: 81a5a41bbb778dbd391d52e3ee8a7d35d1d6592f
  specs:
    routemaster-client (3.1.1)
      faraday (>= 0.9.0)
      hashie
      oj (~> 2.17)
      typhoeus (~> 1.1)
      wisper (~> 1.6.1)

GIT
  remote: https://github.com/deliveroo/ruby-test-reporter.git
  revision: 457a6b9d630a5bc1b5246a9dd5801b28c817c812
  specs:
    codeclimate-test-reporter (1.0.8)
      simplecov (<= 0.13)

GEM
  remote: https://rubygems.org/
  specs:
    addressable (2.5.2)
      public_suffix (>= 2.0.2, < 4.0)
    byebug (9.1.0)
    coderay (1.1.2)
    connection_pool (2.2.1)
    crack (0.4.3)
      safe_yaml (~> 1.0.0)
    diff-lcs (1.3)
    docile (1.1.5)
    dogapi (1.28.0)
      multi_json
    dotenv (2.2.1)
    ethon (0.11.0)
      ffi (>= 1.3.0)
    eventmachine (1.2.5)
    faraday (0.13.1)
      multipart-post (>= 1.2, < 3)
    faraday_middleware (0.12.2)
      faraday (>= 0.7.4, < 1.0)
    ffi (1.9.18)
    foreman (0.84.0)
      thor (~> 0.19.1)
    formatador (0.2.5)
    guard (2.14.1)
      formatador (>= 0.2.4)
      listen (>= 2.7, < 4.0)
      lumberjack (~> 1.0)
      nenv (~> 0.1)
      notiffany (~> 0.0)
      pry (>= 0.9.12)
      shellany (~> 0.0)
      thor (>= 0.18.1)
    guard-compat (1.2.1)
    guard-rspec (4.7.3)
      guard (~> 2.1)
      guard-compat (~> 1.1)
      rspec (>= 2.99.0, < 4.0)
    hashdiff (0.3.7)
    hashie (3.5.6)
    honeybadger (3.2.0)
    json (2.1.0)
    listen (3.1.5)
      rb-fsevent (~> 0.9, >= 0.9.4)
      rb-inotify (~> 0.9, >= 0.9.7)
      ruby_dep (~> 1.2)
    lumberjack (1.0.12)
    method_source (0.9.0)
    msgpack (1.2.0)
    multi_json (1.12.2)
    multipart-post (2.0.0)
    mustermann (1.0.1)
    nenv (0.3.0)
    newrelic_rpm (4.6.0.338)
    notiffany (0.1.1)
      nenv (~> 0.1)
      shellany (~> 0.0)
    oj (2.18.5)
    pry (0.11.3)
      coderay (~> 1.1.0)
      method_source (~> 0.9.0)
    pry-byebug (3.5.1)
      byebug (~> 9.1)
      pry (~> 0.10)
    pry-remote (0.1.8)
      pry (~> 0.9)
      slop (~> 3.0)
    public_suffix (3.0.1)
    puma (3.11.0)
    rack (2.0.3)
    rack-protection (2.0.0)
      rack
    rack-ssl (1.4.1)
      rack
    rack-test (0.8.2)
      rack (>= 1.0, < 3)
    rb-fsevent (0.10.2)
    rb-inotify (0.9.10)
      ffi (>= 0.5.0, < 2)
    redis (4.0.1)
    redis-namespace (1.6.0)
      redis (>= 3.0.4)
    rspec (3.7.0)
      rspec-core (~> 3.7.0)
      rspec-expectations (~> 3.7.0)
      rspec-mocks (~> 3.7.0)
    rspec-core (3.7.0)
      rspec-support (~> 3.7.0)
    rspec-expectations (3.7.0)
      diff-lcs (>= 1.2.0, < 2.0)
      rspec-support (~> 3.7.0)
    rspec-its (1.2.0)
      rspec-core (>= 3.0.0)
      rspec-expectations (>= 3.0.0)
    rspec-mocks (3.7.0)
      diff-lcs (>= 1.2.0, < 2.0)
      rspec-support (~> 3.7.0)
    rspec-support (3.7.0)
    ruby_dep (1.5.0)
    safe_yaml (1.0.4)
    sentry-raven (2.7.1)
      faraday (>= 0.7.6, < 1.0)
    shellany (0.0.1)
    simplecov (0.13.0)
      docile (~> 1.1.0)
      json (>= 1.8, < 3)
      simplecov-html (~> 0.10.0)
    simplecov-html (0.10.2)
    sinatra (2.0.0)
      mustermann (~> 1.0)
      rack (~> 2.0)
      rack-protection (= 2.0.0)
      tilt (~> 2.0)
    slop (3.6.0)
    thor (0.19.4)
    tilt (2.0.8)
    tunnels (1.2.2)
      eventmachine
    typhoeus (1.3.0)
      ethon (>= 0.9.0)
    webmock (3.1.1)
      addressable (>= 2.3.6)
      crack (>= 0.3.2)
      hashdiff
    wisper (1.6.1)

PLATFORMS
  ruby

DEPENDENCIES
  codeclimate-test-reporter!
  connection_pool
  dogapi
  dotenv
  faraday
  faraday_middleware
  foreman
  guard-rspec
  honeybadger
  msgpack
  newrelic_rpm
  oj
  pry
  pry-byebug
  pry-remote
  puma
  rack-ssl
  rack-test
  redis
  redis-namespace
  routemaster-client!
  rspec
  rspec-its
  sentry-raven
  sinatra
  tunnels
  typhoeus
  webmock

RUBY VERSION
   ruby 2.3.3p222

BUNDLED WITH
   1.16.0
